PATH
  remote: .
  specs:
    file_diff (0.0.1)

GEM
  remote: https://rubygems.org/
  specs:
    power_assert (0.2.7)
    test-unit (3.1.5)
      power_assert

PLATFORMS
  ruby

DEPENDENCIES
  file_diff!
  test-unit (~> 3.1.5)

BUNDLED WITH
   1.11.2
